PATH
  remote: .
  specs:
    applocale-ruby (0.0.2)
      httparty (~> 0.18.0)
      thor (>= 0.18.0)

GEM
  remote: https://rubygems.org/
  specs:
    httparty (0.18.0)
      mime-types (~> 3.0)
      multi_xml (>= 0.5.2)
    mime-types (3.3.1)
      mime-types-data (~> 3.2015)
    mime-types-data (3.2020.0425)
    minitest (5.14.0)
    multi_xml (0.6.0)
    rake (10.5.0)
    thor (1.0.1)

PLATFORMS
  ruby

DEPENDENCIES
  applocale-ruby!
  bundler (~> 2.0)
  minitest (~> 5.0)
  rake (~> 10.0)

BUNDLED WITH
   2.0.2
