PATH
  remote: .
  specs:
    applocale-ruby (0.1.0)
      thor (>= 0.20.0)

GEM
  remote: https://rubygems.org/
  specs:
    minitest (5.14.0)
    rake (10.5.0)
    thor (1.0.1)

PLATFORMS
  ruby

DEPENDENCIES
  applocale-ruby!
  bundler (~> 2.0)
  minitest (~> 5.0)
  rake (~> 10.0)

BUNDLED WITH
   2.0.2
